PATH
  remote: .
  specs:
    hammer_cli_foreman_azure_rm (0.2.1)
      hammer_cli_foreman (>= 0.17.0)

GEM
  remote: https://rubygems.org/
  specs:
    amazing_print (1.3.0)
    apipie-bindings (0.4.0)
      json (>= 1.2.1)
      oauth
      rest-client (>= 1.6.5, < 3.0.0)
    ast (2.4.2)
    clamp (1.1.2)
    domain_name (0.5.20190701)
      unf (>= 0.0.5, < 1.0.0)
    fast_gettext (2.1.0)
    gettext (3.4.1)
      locale (>= 2.0.5)
      text (>= 1.3.0)
    hammer_cli (3.0.0)
      amazing_print
      apipie-bindings (>= 0.2.0)
      clamp (>= 1.1, < 1.2.0)
      fast_gettext
      highline
      locale (>= 2.0.6)
      logging
      unicode
      unicode-display_width
    hammer_cli_foreman (3.0.0)
      apipie-bindings (>= 0.4.0)
      hammer_cli (>= 3.0.0)
      jwt (>= 2.2.1)
      rest-client (>= 1.8.0, < 3.0.0)
    highline (2.0.3)
    http-accept (1.7.0)
    http-cookie (1.0.4)
      domain_name (~> 0.5)
    json (2.5.1)
    jwt (2.2.3)
    little-plugger (1.1.4)
    locale (2.1.3)
    logging (2.3.0)
      little-plugger (~> 1.1)
      multi_json (~> 1.14)
    mime-types (3.3.1)
      mime-types-data (~> 3.2015)
    mime-types-data (3.2021.0901)
    multi_json (1.15.0)
    netrc (0.11.0)
    oauth (0.5.6)
    parallel (1.21.0)
    parser (3.0.2.0)
      ast (~> 2.4.1)
    rainbow (3.0.0)
    rake (10.1.1)
    regexp_parser (2.1.1)
    rest-client (2.1.0)
      http-accept (>= 1.7.0, < 2.0)
      http-cookie (>= 1.0.2, < 2.0)
      mime-types (>= 1.16, < 4.0)
      netrc (~> 0.8)
    rexml (3.2.5)
    rubocop (0.93.1)
      parallel (~> 1.10)
      parser (>= 2.7.1.5)
      rainbow (>= 2.2.2, < 4.0)
      regexp_parser (>= 1.8)
      rexml
      rubocop-ast (>= 0.6.0)
      ruby-progressbar (~> 1.7)
      unicode-display_width (>= 1.4.0, < 2.0)
    rubocop-ast (1.11.0)
      parser (>= 3.0.1.1)
    ruby-progressbar (1.11.0)
    text (1.3.1)
    unf (0.1.4)
      unf_ext
    unf_ext (0.0.8)
    unicode (0.4.4.4)
    unicode-display_width (1.8.0)

PLATFORMS
  ruby

DEPENDENCIES
  gettext (>= 3.1.3, < 4.0.0)
  hammer_cli_foreman_azure_rm!
  rake (~> 10.1.0)
  rubocop (~> 0.64)

BUNDLED WITH
   2.1.4
